PATH
  remote: .
  specs:
    bcms_blog (1.3.2)
      browsercms (~> 4.0.0.rc1)

GEM
  remote: http://rubygems.org/
  specs:
    actionmailer (4.0.13.rc1)
      actionpack (= 4.0.13.rc1)
      mail (~> 2.5, >= 2.5.4)
    actionpack (4.0.13.rc1)
      activesupport (= 4.0.13.rc1)
      builder (~> 3.1.0)
      erubis (~> 2.7.0)
      rack (~> 1.5.2)
      rack-test (~> 0.6.2)
    actionpack-page_caching (1.0.2)
      actionpack (>= 4.0.0, < 5)
    activemodel (4.0.13.rc1)
      activesupport (= 4.0.13.rc1)
      builder (~> 3.1.0)
    activerecord (4.0.13.rc1)
      activemodel (= 4.0.13.rc1)
      activerecord-deprecated_finders (~> 1.0.2)
      activesupport (= 4.0.13.rc1)
      arel (~> 4.0.0)
    activerecord-deprecated_finders (1.0.3)
    activesupport (4.0.13.rc1)
      i18n (~> 0.6, >= 0.6.9)
      minitest (~> 4.2)
      multi_json (~> 1.3)
      thread_safe (~> 0.1)
      tzinfo (~> 0.3.37)
    ancestry (2.0.0)
      activerecord (>= 3.0.0)
    arel (4.0.2)
    bcrypt (3.1.9)
    bootstrap-sass (3.3.1.0)
      sass (~> 3.2)
    browsercms (4.0.0.rc1)
      actionpack-page_caching (~> 1.0)
      ancestry (~> 2.0.0)
      bootstrap-sass
      ckeditor_rails (~> 4.3.0)
      compass-rails (~> 1.1.3)
      devise (~> 3.0)
      jquery-rails (~> 3.1)
      jquery-ui-rails (~> 4.1)
      panoramic
      paperclip (~> 3.4)
      rails (~> 4.0.0)
      sass-rails
      simple_form (>= 3.0.0.rc, < 3.1)
      term-ansicolor
      underscore-rails (~> 1.4)
      will_paginate (~> 3.0.0)
    builder (3.1.4)
    chunky_png (1.3.3)
    ckeditor_rails (4.3.4)
      railties (>= 3.0)
    climate_control (0.0.3)
      activesupport (>= 3.0)
    cocaine (0.5.5)
      climate_control (>= 0.0.3, < 1.0)
    compass (1.0.1)
      chunky_png (~> 1.2)
      compass-core (~> 1.0.1)
      compass-import-once (~> 1.0.5)
      rb-fsevent (>= 0.9.3)
      rb-inotify (>= 0.9)
      sass (>= 3.3.13, < 3.5)
    compass-core (1.0.1)
      multi_json (~> 1.0)
      sass (>= 3.3.0, < 3.5)
    compass-import-once (1.0.5)
      sass (>= 3.2, < 3.5)
    compass-rails (1.1.6)
      compass (>= 0.12.2)
    devise (3.4.1)
      bcrypt (~> 3.0)
      orm_adapter (~> 0.1)
      railties (>= 3.2.6, < 5)
      responders
      thread_safe (~> 0.1)
      warden (~> 1.2.3)
    erubis (2.7.0)
    factory_girl (4.5.0)
      activesupport (>= 3.0.0)
    factory_girl_rails (4.5.0)
      factory_girl (~> 4.5.0)
      railties (>= 3.0.0)
    ffi (1.9.6)
    haml (4.0.6)
      tilt
    hike (1.2.3)
    i18n (0.7.0)
    jquery-rails (3.1.2)
      railties (>= 3.0, < 5.0)
      thor (>= 0.14, < 2.0)
    jquery-ui-rails (4.2.1)
      railties (>= 3.2.16)
    mail (2.6.3)
      mime-types (>= 1.16, < 3)
    metaclass (0.0.4)
    mime-types (2.4.3)
    minitest (4.7.5)
    mocha (1.1.0)
      metaclass (~> 0.0.1)
    multi_json (1.10.1)
    orm_adapter (0.5.0)
    panoramic (0.0.4)
      rails (>= 3.0.7)
    paperclip (3.5.4)
      activemodel (>= 3.0.0)
      activesupport (>= 3.0.0)
      cocaine (~> 0.5.3)
      mime-types
    rack (1.5.2)
    rack-test (0.6.2)
      rack (>= 1.0)
    rails (4.0.13.rc1)
      actionmailer (= 4.0.13.rc1)
      actionpack (= 4.0.13.rc1)
      activerecord (= 4.0.13.rc1)
      activesupport (= 4.0.13.rc1)
      bundler (>= 1.3.0, < 2.0)
      railties (= 4.0.13.rc1)
      sprockets-rails (~> 2.0)
    railties (4.0.13.rc1)
      actionpack (= 4.0.13.rc1)
      activesupport (= 4.0.13.rc1)
      rake (>= 0.8.7)
      thor (>= 0.18.1, < 2.0)
    rake (10.4.2)
    rb-fsevent (0.9.4)
    rb-inotify (0.9.5)
      ffi (>= 0.5.0)
    responders (1.1.2)
      railties (>= 3.2, < 4.2)
    sass (3.4.9)
    sass-rails (5.0.1)
      railties (>= 4.0.0, < 5.0)
      sass (~> 3.1)
      sprockets (>= 2.8, < 4.0)
      sprockets-rails (>= 2.0, < 4.0)
      tilt (~> 1.1)
    simple_form (3.1.0.rc2)
      actionpack (~> 4.0)
      activemodel (~> 4.0)
    sprockets (2.12.3)
      hike (~> 1.2)
      multi_json (~> 1.0)
      rack (~> 1.0)
      tilt (~> 1.1, != 1.3.0)
    sprockets-rails (2.2.2)
      actionpack (>= 3.0)
      activesupport (>= 3.0)
      sprockets (>= 2.8, < 4.0)
    sqlite3 (1.3.10)
    term-ansicolor (1.3.0)
      tins (~> 1.0)
    thor (0.19.1)
    thread_safe (0.3.4)
    tilt (1.4.1)
    tins (1.3.3)
    tzinfo (0.3.42)
    underscore-rails (1.7.0)
    useragent (0.13.3)
    warden (1.2.3)
      rack (>= 1.0)
    will_paginate (3.0.7)

PLATFORMS
  ruby

DEPENDENCIES
  bcms_blog!
  factory_girl_rails
  haml
  mocha
  rails (= 4.0.13.rc1)
  sqlite3
  useragent
